GEM
  remote: http://rubygems.org/
  specs:
    actionmailer (2.3.4)
      actionpack (= 2.3.4)
    actionpack (2.3.4)
      activesupport (= 2.3.4)
      rack (~> 1.0.0)
    activerecord (2.3.4)
      activesupport (= 2.3.4)
    activeresource (2.3.4)
      activesupport (= 2.3.4)
    activesupport (2.3.4)
    adzap-ar_mailer (2.1.8)
    after_commit (1.0.7)
      activerecord
    columnize (0.3.1)
    fastercsv (1.5.3)
    hpricot (0.8.2)
    json (1.4.3)
    linecache (0.43)
    mime-types (1.16)
    mysql (2.8.1)
    nokogiri (1.4.2)
    rack (1.0.1)
    rails (2.3.4)
      actionmailer (= 2.3.4)
      actionpack (= 2.3.4)
      activerecord (= 2.3.4)
      activeresource (= 2.3.4)
      activesupport (= 2.3.4)
      rake (>= 0.8.3)
    rake (0.8.7)
    riddle (1.0.10)
    rmagick (2.13.1)
    ruby-debug (0.10.4)
      columnize (>= 0.1)
      ruby-debug-base (~> 0.10.4.0)
    ruby-debug-base (0.10.4)
      linecache (>= 0.3)
    sanitize (1.2.1)
      nokogiri (~> 1.4.1)
    state_machine (0.9.2)
    thinking-sphinx (1.3.14)
      activerecord (>= 1.15.6)
      after_commit (>= 1.0.5)
      riddle (>= 1.0.8)

PLATFORMS
  ruby

DEPENDENCIES
  adzap-ar_mailer
  fastercsv
  hpricot
  json
  mime-types
  mysql
  nokogiri
  rack (= 1.0.1)
  rails (= 2.3.4)
  rmagick
  ruby-debug
  sanitize
  state_machine
  thinking-sphinx (= 1.3.14)
